GEM
  remote: https://rubygems.org/
  specs:

PLATFORMS
  x86_64-darwin-17

DEPENDENCIES

RUBY VERSION
   ruby 3.0.4p208

BUNDLED WITH
   2.2.33
